REFERENCES: STRICT
NUGET
  remote: https://api.nuget.org/v3/index.json
    FluentAssertions (5.6) - restriction: >= net462
      System.ValueTuple (>= 4.4) - restriction: || (&& (>= net45) (< net47) (< netstandard1.6)) (&& (< net45) (>= netstandard1.3) (< netstandard1.6)) (&& (< net45) (>= netstandard1.6) (< netstandard2.0))
    FsCheck (2.12.1) - restriction: >= net462
      FSharp.Core (>= 4.0.0.1) - restriction: || (>= net452) (&& (< netstandard1.6) (>= portable-net45+win8+wp8) (< win8)) (&& (< netstandard1.6) (>= win8)) (&& (< portable-net45+win8+wp8) (>= portable-net45+win8+wp8+wpa81))
    FsCheck.Xunit (2.12.1) - restriction: >= net462
      FsCheck (2.12.1) - restriction: >= net452
      xunit.extensibility.execution (>= 2.2 < 3.0) - restriction: >= net452
    FSharp.Compiler.Service (27.0.1) - restriction: >= net462
      FSharp.Core (>= 4.5.2) - restriction: || (>= net45) (>= netstandard2.0)
      System.Collections.Immutable (>= 1.5) - restriction: || (>= net45) (>= netstandard2.0)
      System.Reflection.Metadata (>= 1.6) - restriction: || (>= net45) (>= netstandard2.0)
      System.ValueTuple (>= 4.4) - restriction: >= net45
    FSharp.Core (4.5.2) - restriction: >= net462
    FSharp.Formatting (3.1) - restriction: >= net462
      FSharp.Compiler.Service (>= 27.0.1 < 28.0)
      Microsoft.AspNet.Razor (>= 3.2.7 < 4.0)
      System.ValueTuple (>= 4.5 < 5.0)
    Microsoft.AspNet.Razor (3.2.7) - restriction: >= net462
    Newtonsoft.Json (9.0.1) - restriction: >= net462
    OpenTK (2.0) - restriction: >= net462
    System.Collections.Immutable (1.5) - restriction: >= net462
    System.Reflection.Metadata (1.6) - restriction: >= net462
      System.Collections.Immutable (>= 1.5) - restriction: || (>= net45) (&& (< netcoreapp2.1) (>= netstandard2.0)) (&& (>= netstandard1.1) (< netstandard2.0) (< win8) (< wpa81)) (&& (< netstandard1.1) (>= portable-net45+win8+wpa81) (< win8)) (&& (< netstandard1.1) (>= win8)) (&& (< netstandard2.0) (< uap10.1) (>= wpa81))
    System.ValueTuple (4.5) - restriction: >= net462
    xunit (2.4.1) - restriction: >= net462
      xunit.analyzers (>= 0.10)
      xunit.assert (2.4.1)
      xunit.core (2.4.1)
    xunit.abstractions (2.0.3) - restriction: >= net462
    xunit.analyzers (0.10) - restriction: >= net462
    xunit.assert (2.4.1) - restriction: >= net462
    xunit.core (2.4.1) - restriction: >= net462
      xunit.extensibility.core (2.4.1)
      xunit.extensibility.execution (2.4.1)
    xunit.extensibility.core (2.4.1) - restriction: >= net462
      xunit.abstractions (>= 2.0.3) - restriction: >= netstandard1.1
    xunit.extensibility.execution (2.4.1) - restriction: >= net462
      xunit.extensibility.core (2.4.1) - restriction: >= netstandard1.1
    xunit.runner.console (2.4.1) - restriction: >= net462
