REFERENCES: STRICT
RESTRICTION: == net462
NUGET
  remote: https://api.nuget.org/v3/index.json
    BenchmarkDotNet (0.11.5)
    FluentAssertions (5.6)
      System.ValueTuple (>= 4.4)
    FsCheck (2.12.1)
      FSharp.Core (>= 4.0.0.1)
    FsCheck.Xunit (2.12.1)
      FsCheck (2.12.1)
      xunit.extensibility.execution (>= 2.2 < 3.0)
    FSharp.Compiler.Service (27.0.1)
      FSharp.Core (>= 4.5.2)
      System.Collections.Immutable (>= 1.5)
      System.Reflection.Metadata (>= 1.6)
      System.ValueTuple (>= 4.4)
    FSharp.Core (4.5.2)
    FSharp.Formatting (3.1)
      FSharp.Compiler.Service (>= 27.0.1 < 28.0)
      Microsoft.AspNet.Razor (>= 3.2.7 < 4.0)
      System.ValueTuple (>= 4.5 < 5.0)
    Microsoft.AspNet.Razor (3.2.7)
    Newtonsoft.Json (9.0.1)
    OpenTK (2.0)
    System.Collections.Immutable (1.5)
    System.Reflection.Metadata (1.6)
      System.Collections.Immutable (>= 1.5)
    System.ValueTuple (4.5)
    xunit (2.4.1)
      xunit.analyzers (>= 0.10)
      xunit.assert (2.4.1)
      xunit.core (2.4.1)
    xunit.abstractions (2.0.3)
    xunit.analyzers (0.10)
    xunit.assert (2.4.1)
    xunit.core (2.4.1)
      xunit.extensibility.core (2.4.1)
      xunit.extensibility.execution (2.4.1)
    xunit.extensibility.core (2.4.1)
      xunit.abstractions (>= 2.0.3)
    xunit.extensibility.execution (2.4.1)
      xunit.extensibility.core (2.4.1)
    xunit.runner.console (2.4.1)
    xunit.runner.visualstudio (2.4)
